PATH
  remote: .
  specs:
    swagger_client (1.0.0)
      json (~> 2.1, >= 2.1.0)
      typhoeus (~> 1.0, >= 1.0.1)

GEM
  remote: https://rubygems.org/
  specs:
    ZenTest (4.11.1)
    addressable (2.5.2)
      public_suffix (>= 2.0.2, < 4.0)
    autotest (4.4.6)
      ZenTest (>= 4.4.1)
    autotest-fsevent (0.2.14)
      sys-uname
    autotest-growl (0.2.16)
    autotest-rails-pure (4.1.2)
    byebug (11.0.1)
    coderay (1.1.2)
    crack (0.4.3)
      safe_yaml (~> 1.0.0)
    diff-lcs (1.3)
    ethon (0.12.0)
      ffi (>= 1.3.0)
    ffi (1.11.1)
    hashdiff (0.3.7)
    json (2.2.0)
    method_source (0.9.2)
    pry (0.12.2)
      coderay (~> 1.1.0)
      method_source (~> 0.9.0)
    pry-byebug (3.7.0)
      byebug (~> 11.0)
      pry (~> 0.10)
    public_suffix (3.0.1)
    rake (12.3.3)
    rspec (3.7.0)
      rspec-core (~> 3.7.0)
      rspec-expectations (~> 3.7.0)
      rspec-mocks (~> 3.7.0)
    rspec-core (3.7.1)
      rspec-support (~> 3.7.0)
    rspec-expectations (3.7.0)
      diff-lcs (>= 1.2.0, < 2.0)
      rspec-support (~> 3.7.0)
    rspec-mocks (3.7.0)
      diff-lcs (>= 1.2.0, < 2.0)
      rspec-support (~> 3.7.0)
    rspec-support (3.7.0)
    safe_yaml (1.0.4)
    sys-uname (1.0.4)
      ffi (>= 1.0.0)
    typhoeus (1.3.1)
      ethon (>= 0.9.0)
    vcr (3.0.3)
    webmock (1.24.6)
      addressable (>= 2.3.6)
      crack (>= 0.3.2)
      hashdiff

PLATFORMS
  ruby

DEPENDENCIES
  autotest (~> 4.4, >= 4.4.6)
  autotest-fsevent (~> 0.2, >= 0.2.14)
  autotest-growl (~> 0.2, >= 0.2.16)
  autotest-rails-pure (~> 4.1, >= 4.1.2)
  pry-byebug
  rake (~> 12.3.0)
  rspec (~> 3.6, >= 3.6.0)
  swagger_client!
  vcr (~> 3.0, >= 3.0.1)
  webmock (~> 1.24, >= 1.24.3)

BUNDLED WITH
   1.16.2
